GEM
  remote: https://rubygems.org/
  specs:
    chronic (0.10.2)
    midnight (0.0.1.pre)
      chronic (= 0.10.2)

PLATFORMS
  ruby

DEPENDENCIES
  midnight

BUNDLED WITH
   1.13.7
